PATH
  remote: .
  specs:
    circleci-bundle-update-pr (1.2.2)
      compare_linker
      octokit (~> 3.8)

GEM
  remote: https://rubygems.org/
  specs:
    addressable (2.3.8)
    coderay (1.1.0)
    compare_linker (1.2.0)
      httpclient
      octokit
    faraday (0.9.2)
      multipart-post (>= 1.2, < 3)
    httpclient (2.7.0.1)
    method_source (0.8.2)
    multipart-post (2.0.0)
    octokit (3.8.0)
      sawyer (~> 0.6.0, >= 0.5.3)
    pry (0.10.3)
      coderay (~> 1.1.0)
      method_source (~> 0.8.1)
      slop (~> 3.4)
    rake (10.4.2)
    sawyer (0.6.0)
      addressable (~> 2.3.5)
      faraday (~> 0.8, < 0.10)
    slop (3.6.0)

PLATFORMS
  ruby

DEPENDENCIES
  bundler (~> 1.7)
  circleci-bundle-update-pr!
  pry
  rake (~> 10.0)

BUNDLED WITH
   1.10.6
